GEM
  remote: https://rubygems.org/
  specs:
    redis (4.2.5)

PLATFORMS
  ruby

DEPENDENCIES
  redis (~> 4.2)

BUNDLED WITH
   2.1.4
